PATH
  remote: .
  specs:
    test_after_commit (0.2.2)

GEM
  remote: https://rubygems.org/
  specs:
    activemodel (3.2.13)
      activesupport (= 3.2.13)
      builder (~> 3.0.0)
    activerecord (3.2.13)
      activemodel (= 3.2.13)
      activesupport (= 3.2.13)
      arel (~> 3.0.2)
      tzinfo (~> 0.3.29)
    activesupport (3.2.13)
      i18n (= 0.6.1)
      multi_json (~> 1.0)
    appraisal (0.4.1)
      bundler
      rake
    arel (3.0.2)
    builder (3.0.4)
    bump (0.3.12)
    diff-lcs (1.2.1)
    i18n (0.6.1)
    multi_json (1.7.2)
    rake (0.9.2)
    rspec (2.13.0)
      rspec-core (~> 2.13.0)
      rspec-expectations (~> 2.13.0)
      rspec-mocks (~> 2.13.0)
    rspec-core (2.13.1)
    rspec-expectations (2.13.0)
      diff-lcs (>= 1.1.3, < 2.0)
    rspec-mocks (2.13.0)
    sqlite3 (1.3.6)
    tzinfo (0.3.37)

PLATFORMS
  ruby

DEPENDENCIES
  activerecord
  appraisal
  bump
  rake
  rspec (~> 2)
  sqlite3
  test_after_commit!
