PATH
  remote: .
  specs:
    test_after_commit (0.1.0)

GEM
  remote: https://rubygems.org/
  specs:
    activemodel (3.0.15)
      activesupport (= 3.0.15)
      builder (~> 2.1.2)
      i18n (~> 0.5.0)
    activerecord (3.0.15)
      activemodel (= 3.0.15)
      activesupport (= 3.0.15)
      arel (~> 2.0.10)
      tzinfo (~> 0.3.23)
    activesupport (3.0.15)
    appraisal (0.4.1)
      bundler
      rake
    arel (2.0.10)
    builder (2.1.2)
    diff-lcs (1.2.1)
    i18n (0.5.0)
    rake (0.9.2)
    rspec (2.13.0)
      rspec-core (~> 2.13.0)
      rspec-expectations (~> 2.13.0)
      rspec-mocks (~> 2.13.0)
    rspec-core (2.13.1)
    rspec-expectations (2.13.0)
      diff-lcs (>= 1.1.3, < 2.0)
    rspec-mocks (2.13.0)
    sqlite3 (1.3.6)
    tzinfo (0.3.33)

PLATFORMS
  ruby

DEPENDENCIES
  activerecord
  appraisal
  rake
  rspec (~> 2)
  sqlite3
  test_after_commit!
